GEM
  remote: https://rubygems.org/
  specs:
    cocoapods-keys (2.3.1)
      dotenv
      ruby-keychain
    dotenv (3.1.0)
    ffi (1.16.3)
    og-corefoundation (0.2.3)
      ffi
    ruby-keychain (0.4.0)
      ffi
      og-corefoundation (~> 0.2.0)

PLATFORMS
  arm64-darwin-23
  ruby

DEPENDENCIES
  cocoapods-keys

BUNDLED WITH
   2.5.6
